PATH
  remote: .
  specs:
    testcontainers (0.1.0)
      testcontainers-core (= 0.1.0)

PATH
  remote: core
  specs:
    testcontainers-core (0.1.0)
      docker-api (~> 2.2)

GEM
  remote: https://rubygems.org/
  specs:
    docker-api (2.2.0)
      excon (>= 0.47.0)
      multi_json
    excon (0.99.0)
    multi_json (1.15.0)
    yard (0.9.34)

PLATFORMS
  arm64-darwin-21

DEPENDENCIES
  testcontainers!
  testcontainers-core!
  yard (~> 0.9)

BUNDLED WITH
   2.4.1
